GEM
  remote: http://rubygems.org/
  specs:
    byebug (9.0.6)
    minitest (5.4.3)
    rake (10.1.1)

PLATFORMS
  ruby

DEPENDENCIES
  byebug
  minitest (~> 5.4.3)
  rake

BUNDLED WITH
   1.13.6
